GIT
  remote: git://github.com/azul/spree.git
  revision: ca18da2c273735ab7fd4b1621149dceb63d75a50
  branch: 0-70-stable
  specs:
    spree (0.70.4.beta)
      spree_api (= 0.70.4.beta)
      spree_auth (= 0.70.4.beta)
      spree_core (= 0.70.4.beta)
      spree_dash (= 0.70.4.beta)
      spree_promo (= 0.70.4.beta)
      spree_sample (= 0.70.4.beta)
    spree_api (0.70.4.beta)
      spree_auth (= 0.70.4.beta)
      spree_core (= 0.70.4.beta)
    spree_auth (0.70.4.beta)
      cancan (= 1.6.5)
      devise (= 1.4.7)
      spree_core (= 0.70.4.beta)
    spree_core (0.70.4.beta)
      activemerchant (= 1.17.0)
      acts_as_list (= 0.1.4)
      deface (>= 0.7.0)
      faker (= 1.0.0)
      highline (= 1.6.2)
      jquery-rails (>= 1.0.14)
      kaminari (>= 0.12.4)
      meta_search (= 1.1.1)
      nested_set (= 1.6.8)
      paperclip (= 2.4.1)
      rails (~> 3.1.10)
      rd_find_by_param (= 0.1.1)
      rd_resource_controller
      state_machine (= 1.0.1)
      stringex (= 1.3.0)
    spree_dash (0.70.4.beta)
      spree_core (= 0.70.4.beta)
    spree_promo (0.70.4.beta)
      spree_auth (= 0.70.4.beta)
      spree_core (= 0.70.4.beta)
    spree_sample (0.70.4.beta)
      spree_core (= 0.70.4.beta)

GIT
  remote: git://github.com/dancinglightning/spree-html-invoice.git
  revision: 0a2b460d51a2a04f623f94d299a3a25aa5f0cb10
  specs:
    spree_html_invoice (0.0.1)
      spree_core (>= 0.30.0)

GEM
  remote: http://rubygems.org/
  specs:
    actionmailer (3.1.10)
      actionpack (= 3.1.10)
      mail (~> 2.3.3)
    actionpack (3.1.10)
      activemodel (= 3.1.10)
      activesupport (= 3.1.10)
      builder (~> 3.0.0)
      erubis (~> 2.7.0)
      i18n (~> 0.6)
      rack (~> 1.3.6)
      rack-cache (~> 1.2)
      rack-mount (~> 0.8.2)
      rack-test (~> 0.6.1)
      sprockets (~> 2.0.4)
    activemerchant (1.17.0)
      activesupport (>= 2.3.11)
      braintree (>= 2.0.0)
      builder (>= 2.0.0)
      json (>= 1.5.1)
    activemodel (3.1.10)
      activesupport (= 3.1.10)
      builder (~> 3.0.0)
      i18n (~> 0.6)
    activerecord (3.1.10)
      activemodel (= 3.1.10)
      activesupport (= 3.1.10)
      arel (~> 2.2.3)
      tzinfo (~> 0.3.29)
    activeresource (3.1.10)
      activemodel (= 3.1.10)
      activesupport (= 3.1.10)
    activesupport (3.1.10)
      multi_json (>= 1.0, < 1.3)
    acts_as_list (0.1.4)
    arel (2.2.3)
    bcrypt-ruby (3.0.1)
    braintree (2.22.0)
      builder (>= 2.0.0)
    builder (3.0.4)
    cancan (1.6.5)
    cocaine (0.3.2)
    coffee-rails (3.1.1)
      coffee-script (>= 2.2.0)
      railties (~> 3.1.0)
    coffee-script (2.2.0)
      coffee-script-source
      execjs
    coffee-script-source (1.2.0)
    deface (0.9.1)
      nokogiri (~> 1.5.0)
      rails (~> 3.1)
    devise (1.4.7)
      bcrypt-ruby (~> 3.0)
      orm_adapter (~> 0.0.3)
      warden (~> 1.0.3)
    erubis (2.7.0)
    execjs (1.3.0)
      multi_json (~> 1.0)
    faker (1.0.0)
      i18n (~> 0.4)
    highline (1.6.2)
    hike (1.2.1)
    i18n (0.6.1)
    jquery-rails (2.1.4)
      railties (>= 3.0, < 5.0)
      thor (>= 0.14, < 2.0)
    json (1.7.6)
    kaminari (0.14.1)
      actionpack (>= 3.0.0)
      activesupport (>= 3.0.0)
    libv8 (3.3.10.4)
    mail (2.3.3)
      i18n (>= 0.4.0)
      mime-types (~> 1.16)
      treetop (~> 1.4.8)
    meta_search (1.1.1)
      actionpack (~> 3.1.0)
      activerecord (~> 3.1.0)
      activesupport (~> 3.1.0)
      polyamorous (~> 0.5.0)
    mime-types (1.19)
    multi_json (1.2.0)
    mysql2 (0.3.11)
    nested_set (1.6.8)
      activerecord (>= 3.0.0)
      railties (>= 3.0.0)
    nokogiri (1.5.6)
    orm_adapter (0.0.7)
    paperclip (2.4.1)
      activerecord (>= 2.3.0)
      activesupport (>= 2.3.2)
      cocaine (>= 0.0.2)
      mime-types
    polyamorous (0.5.0)
      activerecord (~> 3.0)
    polyglot (0.3.3)
    rack (1.3.9)
    rack-cache (1.2)
      rack (>= 0.4)
    rack-mount (0.8.3)
      rack (>= 1.0.0)
    rack-ssl (1.3.3)
      rack
    rack-test (0.6.2)
      rack (>= 1.0)
    rails (3.1.10)
      actionmailer (= 3.1.10)
      actionpack (= 3.1.10)
      activerecord (= 3.1.10)
      activeresource (= 3.1.10)
      activesupport (= 3.1.10)
      bundler (~> 1.0)
      railties (= 3.1.10)
    railties (3.1.10)
      actionpack (= 3.1.10)
      activesupport (= 3.1.10)
      rack-ssl (~> 1.3.2)
      rake (>= 0.8.7)
      rdoc (~> 3.4)
      thor (~> 0.14.6)
    rake (10.0.3)
    rd_find_by_param (0.1.1)
      activerecord (~> 3.0)
      activesupport (~> 3.0)
    rd_resource_controller (1.0.1)
    rdoc (3.12)
      json (~> 1.4)
    sass (3.1.13)
    sass-rails (3.1.5)
      actionpack (~> 3.1.0)
      railties (~> 3.1.0)
      sass (~> 3.1.10)
      tilt (~> 1.3.2)
    sprockets (2.0.4)
      hike (~> 1.2)
      rack (~> 1.0)
      tilt (~> 1.1, != 1.3.0)
    sqlite3 (1.3.5)
    state_machine (1.0.1)
    stringex (1.3.0)
    therubyracer (0.10.2)
      libv8 (~> 3.3.10)
    thor (0.14.6)
    tilt (1.3.3)
    treetop (1.4.12)
      polyglot
      polyglot (>= 0.3.1)
    tzinfo (0.3.35)
    uglifier (1.2.3)
      execjs (>= 0.3.0)
      multi_json (>= 1.0.2)
    warden (1.0.6)
      rack (>= 1.0)

PLATFORMS
  ruby

DEPENDENCIES
  cocaine (~> 0.3.2)
  coffee-rails (~> 3.1.1)
  jquery-rails
  json
  mysql2
  rails (~> 3.1.10)
  sass-rails (~> 3.1.5.rc.2)
  spree!
  spree_html_invoice!
  sqlite3
  therubyracer
  uglifier (>= 1.0.3)
